PATH
  remote: .
  specs:
    noon (0.9.1)

GEM
  remote: https://rubygems.org/
  specs:

PLATFORMS
  ruby

DEPENDENCIES
  noon!

BUNDLED WITH
   2.1.0.pre.2
